GEM
  remote: http://rubygems.org/
  specs:
    backports (3.15.0)
    bcrypt (3.1.13)
    dalli (2.7.10)
    kgio (2.11.2)
    minitest (5.11.3)
    multi_json (1.13.1)
    mustermann (1.0.3)
    mysql2 (0.5.2)
    rack (2.0.8)
    rack-protection (2.0.5)
      rack
    rack-test (1.1.0)
      rack (>= 1.0, < 3)
    raindrops (0.19.0)
    ruby-mp3info (0.8.10)
    sequel (5.23.0)
    sinatra (2.0.5)
      mustermann (~> 1.0)
      rack (~> 2.0)
      rack-protection (= 2.0.5)
      tilt (~> 2.0)
    sinatra-contrib (2.0.5)
      backports (>= 2.8.2)
      multi_json
      mustermann (~> 1.0)
      rack-protection (= 2.0.5)
      sinatra (= 2.0.5)
      tilt (>= 1.3, < 3)
    tilt (2.0.9)
    unicorn (5.5.1)
      kgio (~> 2.6)
      raindrops (~> 0.7)

PLATFORMS
  ruby

DEPENDENCIES
  bcrypt
  dalli
  minitest
  mysql2
  rack-test
  ruby-mp3info
  sequel
  sinatra
  sinatra-contrib
  unicorn

BUNDLED WITH
   1.17.2
