GEM
  remote: http://rubygems.org/
  specs:
    backports (3.17.0)
    bcrypt (3.1.13)
    dalli (2.7.10)
    kgio (2.11.3)
    minitest (5.14.0)
    multi_json (1.14.1)
    mustermann (1.1.1)
      ruby2_keywords (~> 0.0.1)
    mysql2 (0.5.3)
    rack (2.2.2)
    rack-protection (2.0.8.1)
      rack
    rack-test (1.1.0)
      rack (>= 1.0, < 3)
    raindrops (0.19.1)
    ruby-mp3info (0.8.10)
    ruby2_keywords (0.0.2)
    sequel (5.31.0)
    sinatra (2.0.8.1)
      mustermann (~> 1.0)
      rack (~> 2.0)
      rack-protection (= 2.0.8.1)
      tilt (~> 2.0)
    sinatra-contrib (2.0.8.1)
      backports (>= 2.8.2)
      multi_json
      mustermann (~> 1.0)
      rack-protection (= 2.0.8.1)
      sinatra (= 2.0.8.1)
      tilt (~> 2.0)
    tilt (2.0.10)
    unicorn (5.5.4)
      kgio (~> 2.6)
      raindrops (~> 0.7)

PLATFORMS
  ruby

DEPENDENCIES
  bcrypt
  dalli
  minitest
  mysql2
  rack-test
  ruby-mp3info
  sequel
  sinatra
  sinatra-contrib
  unicorn

BUNDLED WITH
   1.17.2
